GIT
  remote: git://projects.tryphon.priv/system-builder
  revision: 55ab38288470b76262644d1e2cde71f7a2b6a03f
  specs:
    system-builder (0.0.26)

GEM
  remote: https://rubygems.org/
  specs:
    rake (0.8.7)

PLATFORMS
  ruby

DEPENDENCIES
  rake
  system-builder!
