GEM
  remote: http://rubygems.org/
  specs:
    rake (0.8.7)
    system-builder (0.0.23)

PLATFORMS
  ruby

DEPENDENCIES
  rake
  system-builder (>= 0.0.23)
