GIT
  remote: git://projects.tryphon.priv/box
  revision: 9be2482182ee2aae3b0a74f9ebccec0a7c9a7572
  specs:
    tryphon-box (1.03)
      activesupport (~> 3.2.17)
      facter (~> 1.7.5)
      httparty
      steto
      treetop
      trollop

GIT
  remote: git://projects.tryphon.priv/ruby-qemu
  revision: faaec24eec03299a5b9dab51f6fb4c1bae56b93f
  specs:
    qemu (1.0)
      daemons

GIT
  remote: git://projects.tryphon.priv/system-builder
  revision: 3aedfdcb71cb40aa677151601d2e979588787a56
  specs:
    system-builder (0.0.26)
      qemu
      tryphon-vmbox

GIT
  remote: git://projects.tryphon.priv/vmbox
  revision: db7641ce6a76f8ce9586cfadedf8b9f1f460917b
  specs:
    tryphon-vmbox (0.0.1)
      activesupport (~> 3.2.1)
      httparty
      json
      net-scp
      net-ssh
      qemu (~> 1.0)
      tryphon-box

GEM
  remote: https://rubygems.org/
  specs:
    activesupport (3.2.21)
      i18n (~> 0.6, >= 0.6.4)
      multi_json (~> 1.0)
    builder (3.2.2)
    capybara (2.4.4)
      mime-types (>= 1.16)
      nokogiri (>= 1.3.3)
      rack (>= 1.0.0)
      rack-test (>= 0.5.4)
      xpath (~> 2.0)
    cliver (0.3.2)
    cocaine (0.2.1)
    cucumber (1.2.1)
      builder (>= 2.1.2)
      diff-lcs (>= 1.1.3)
      gherkin (~> 2.11.0)
      json (>= 1.4.6)
    daemons (1.2.2)
    diff-lcs (1.2.5)
    facter (1.7.6)
    gherkin (2.11.6)
      json (>= 1.7.6)
    httparty (0.13.3)
      json (~> 1.8)
      multi_xml (>= 0.5.2)
    i18n (0.7.0)
    json (1.8.2)
    mime-types (2.4.3)
    mini_portile (0.6.2)
    multi_json (1.11.0)
    multi_xml (0.5.5)
    net-scp (1.2.1)
      net-ssh (>= 2.6.5)
    net-ssh (2.9.2)
    nokogiri (1.6.6.2)
      mini_portile (~> 0.6.0)
    parallel (1.4.1)
    poltergeist (1.6.0)
      capybara (~> 2.1)
      cliver (~> 0.3.1)
      multi_json (~> 1.0)
      websocket-driver (>= 0.2.0)
    polyglot (0.3.5)
    puppet (2.7.26)
      facter (~> 1.5)
    puppet-lint (0.3.2)
    puppet-syntax (1.2.0)
      puppet (>= 2.7.0)
      rake
    rack (1.6.0)
    rack-test (0.6.3)
      rack (>= 1.0)
    rake (0.9.2.2)
    rspec (3.2.0)
      rspec-core (~> 3.2.0)
      rspec-expectations (~> 3.2.0)
      rspec-mocks (~> 3.2.0)
    rspec-core (3.2.2)
      rspec-support (~> 3.2.0)
    rspec-expectations (3.2.0)
      diff-lcs (>= 1.2.0, < 2.0)
      rspec-support (~> 3.2.0)
    rspec-mocks (3.2.1)
      diff-lcs (>= 1.2.0, < 2.0)
      rspec-support (~> 3.2.0)
    rspec-support (3.2.2)
    sshkey (1.6.1)
    steto (0.0.7)
      cocaine (= 0.2.1)
      json
      parallel
    treetop (1.5.3)
      polyglot (~> 0.3)
    trollop (2.1.2)
    websocket-driver (0.5.3)
      websocket-extensions (>= 0.1.0)
    websocket-extensions (0.1.2)
    xpath (2.0.0)
      nokogiri (~> 1.3)

PLATFORMS
  ruby

DEPENDENCIES
  capybara
  cucumber
  net-ssh
  poltergeist
  puppet (~> 2.7.21)
  puppet-lint
  puppet-syntax
  qemu!
  rake
  rspec
  sshkey
  system-builder!
  tryphon-box!
  tryphon-vmbox!
