GIT
  remote: git://github.com/albanpeignier/capybara-mechanize.git
  revision: 664f5903d2f3ebb2feb5f2b2fc7677e2ac25f0e4
  specs:
    capybara-mechanize (0.2.5)
      capybara (~> 0.4.0)
      mechanize (~> 1.0.0)

GIT
  remote: git://projects.tryphon.priv/system-builder
  revision: 27a6eae9b6ff0c8041a76aedcf39a9b4187af7a3
  specs:
    system-builder (0.0.26)
      qemu
      tryphon-vmbox

GIT
  remote: git://projects.tryphon.priv/vmbox
  revision: 84a4219c556d1bfe47f4fc6d9008ec1bfa9a7513
  specs:
    tryphon-vmbox (0.0.1)
      activesupport (~> 3.2.1)
      json
      net-ssh
      qemu

GEM
  remote: https://rubygems.org/
  specs:
    activesupport (3.2.16)
      i18n (~> 0.6, >= 0.6.4)
      multi_json (~> 1.0)
    builder (3.2.2)
    capybara (0.4.1.2)
      celerity (>= 0.7.9)
      culerity (>= 0.2.4)
      mime-types (>= 1.16)
      nokogiri (>= 1.3.3)
      rack (>= 1.0.0)
      rack-test (>= 0.5.4)
      selenium-webdriver (>= 0.0.27)
      xpath (~> 0.1.3)
    celerity (0.9.1)
    childprocess (0.2.3)
      ffi (~> 1.0.6)
    cucumber (1.2.1)
      builder (>= 2.1.2)
      diff-lcs (>= 1.1.3)
      gherkin (~> 2.11.0)
      json (>= 1.4.6)
    culerity (0.2.15)
    daemons (1.1.9)
    diff-lcs (1.1.3)
    ffi (1.0.11)
    gherkin (2.11.6)
      json (>= 1.7.6)
    i18n (0.6.9)
    json (1.8.1)
    mechanize (1.0.0)
      nokogiri (>= 1.2.1)
    mime-types (1.17.2)
    mini_portile (0.5.2)
    multi_json (1.0.4)
    net-ssh (2.8.0)
    nokogiri (1.6.1)
      mini_portile (~> 0.5.0)
    qemu (0.0.2)
      daemons
    rack (1.3.5)
    rack-test (0.6.1)
      rack (>= 1.0)
    rake (0.9.2.2)
    rspec (2.7.0)
      rspec-core (~> 2.7.0)
      rspec-expectations (~> 2.7.0)
      rspec-mocks (~> 2.7.0)
    rspec-core (2.7.1)
    rspec-expectations (2.7.0)
      diff-lcs (~> 1.1.2)
    rspec-mocks (2.7.0)
    rubyzip (0.9.5)
    selenium-webdriver (2.14.0)
      childprocess (>= 0.2.1)
      ffi (~> 1.0.9)
      multi_json (~> 1.0.4)
      rubyzip
    xpath (0.1.4)
      nokogiri (~> 1.3)

PLATFORMS
  ruby

DEPENDENCIES
  capybara
  capybara-mechanize!
  cucumber
  rake
  rspec
  system-builder!
  tryphon-vmbox!
