GIT
  remote: git://projects.tryphon.priv/system-builder
  revision: 6bf5a38e92b390ba0bfdd9e11c57058910aa5523
  specs:
    system-builder (0.0.26)

GEM
  remote: http://rubygems.org/
  specs:
    rake (0.8.7)

PLATFORMS
  ruby

DEPENDENCIES
  rake
  system-builder!
